GEM
  remote: https://rubygems.org/
  specs:
    ast (2.4.1)
    coderay (1.1.3)
    dotenv (2.7.6)
    method_source (1.0.0)
    parallel (1.20.0)
    parser (2.7.2.0)
      ast (~> 2.4.1)
    pg (1.2.3)
    pry (0.13.1)
      coderay (~> 1.1)
      method_source (~> 1.0)
    rack (2.2.3)
    rack-unreloader (1.7.0)
    rainbow (3.0.0)
    regexp_parser (1.8.2)
    rexml (3.2.4)
    roda (3.38.0)
      rack
    rubocop (1.3.1)
      parallel (~> 1.10)
      parser (>= 2.7.1.5)
      rainbow (>= 2.2.2, < 4.0)
      regexp_parser (>= 1.8)
      rexml
      rubocop-ast (>= 1.1.1)
      ruby-progressbar (~> 1.7)
      unicode-display_width (>= 1.4.0, < 2.0)
    rubocop-ast (1.1.1)
      parser (>= 2.7.1.5)
    rubocop-performance (1.9.0)
      rubocop (>= 0.90.0, < 2.0)
      rubocop-ast (>= 0.4.0)
    rubocop-rspec (2.0.0)
      rubocop (~> 1.0)
      rubocop-ast (>= 1.1.0)
    rubocop-thread_safety (0.4.2)
      rubocop (>= 0.53.0)
    ruby-progressbar (1.10.1)
    sequel (5.38.0)
    sequel_pg (1.14.0)
      pg (>= 0.18.0, != 1.2.0)
      sequel (>= 4.38.0)
    unicode-display_width (1.7.0)

PLATFORMS
  ruby

DEPENDENCIES
  dotenv
  pry
  rack-unreloader
  roda (>= 3.38)
  rubocop
  rubocop-performance
  rubocop-rspec
  rubocop-thread_safety
  sequel (>= 5.38)
  sequel_pg (>= 1.14)

BUNDLED WITH
   2.1.4
