GEM
  remote: https://rubygems.org/
  specs:
    coderay (1.1.3)
    dotenv (2.7.6)
    method_source (1.0.0)
    pg (1.2.3)
    pry (0.13.1)
      coderay (~> 1.1)
      method_source (~> 1.0)
    rack (2.2.3)
    roda (3.38.0)
      rack
    sequel (5.38.0)
    sequel_pg (1.14.0)
      pg (>= 0.18.0, != 1.2.0)
      sequel (>= 4.38.0)

PLATFORMS
  ruby

DEPENDENCIES
  dotenv
  pry
  roda (>= 3.38)
  sequel (>= 5.38)
  sequel_pg (>= 1.14)

BUNDLED WITH
   2.1.4
