GEM
  remote: https://rubygems.org/
  specs:
    dotenv (2.7.6)
    pg (1.2.3)
    rack (2.2.3)
    rack-unreloader (1.7.0)
    roda (3.38.0)
      rack
    sequel (5.38.0)
    sequel_pg (1.14.0)
      pg (>= 0.18.0, != 1.2.0)
      sequel (>= 4.38.0)

PLATFORMS
  ruby

DEPENDENCIES
  dotenv
  rack-unreloader
  roda (>= 3.38)
  sequel (>= 5.38)
  sequel_pg (>= 1.14)

BUNDLED WITH
   2.1.4
